GEM
  remote: https://rubygems.org/
  specs:
    mysql2 (0.5.2)
    pg (1.1.3)

PLATFORMS
  ruby

DEPENDENCIES
  mysql2!
  pg!

BUNDLED WITH
   1.15.4
