GEM
  remote: https://rubygems.org/
  specs:
    json (2.3.1)

PLATFORMS
  ruby

DEPENDENCIES
  json (>= 2.3.0)!

BUNDLED WITH
   1.13.6
